GEM
  remote: https://rubygems.org/
  specs:
    activesupport (5.0.1)
      concurrent-ruby (~> 1.0, >= 1.0.2)
      i18n (~> 0.7)
      minitest (~> 5.1)
      tzinfo (~> 1.1)
    addressable (2.5.0)
      public_suffix (~> 2.0, >= 2.0.2)
    appium_lib (9.3.3)
      awesome_print (~> 1.6)
      json (>= 1.8)
      nokogiri (~> 1.6, >= 1.6.6)
      selenium-webdriver (~> 3.0, >= 3.0.4)
      tomlrb (~> 1.1)
    awesome_print (1.7.0)
    blankslate (3.1.3)
    builder (3.2.3)
    cassandra-driver (3.1.0)
      ione (~> 1.2)
    childprocess (0.6.2)
      ffi (~> 1.0, >= 1.0.11)
    chunky_png (1.3.8)
    colorize (0.7.7)
    concurrent-ruby (1.0.5)
    couchrest (2.0.1)
      httpclient (~> 2.8)
      mime-types (>= 1.15)
      multi_json (~> 1.7)
    cucumber (2.4.0)
      builder (>= 2.1.2)
      cucumber-core (~> 1.5.0)
      cucumber-wire (~> 0.0.1)
      diff-lcs (>= 1.1.3)
      gherkin (~> 4.0)
      multi_json (>= 1.7.5, < 2.0)
      multi_test (>= 0.1.2)
    cucumber-api (0.4)
      cucumber (~> 2.0)
      json-schema (~> 2.5)
      jsonpath (~> 0.5)
      rest-client (~> 1.8)
    cucumber-core (1.5.0)
      gherkin (~> 4.0)
    cucumber-rest-bdd (0.4.4)
      activesupport (~> 5.0)
      cucumber-api (~> 0.4)
      easy_diff (~> 1.0)
    cucumber-wire (0.0.1)
    diff-lcs (1.3)
    domain_name (0.5.20170223)
      unf (>= 0.0.5, < 1.0.0)
    easy_diff (1.0.0)
    event_emitter (0.2.5)
    ffi (1.9.17-x64-mingw32)
    gherkin (4.0.0)
    http-cookie (1.0.3)
      domain_name (~> 0.5)
    httpclient (2.8.3)
    i18n (0.8.1)
    ione (1.2.4)
    json (2.0.3)
    json-schema (2.8.0)
      addressable (>= 2.4)
    jsonpath (0.5.8)
      multi_json
    liner (0.2.4)
    memoizable (0.4.2)
      thread_safe (~> 0.3, >= 0.3.1)
    mime-types (2.99.3)
    mini_portile2 (2.1.0)
    minitest (5.10.1)
    multi_json (1.12.1)
    multi_test (0.1.2)
    netrc (0.11.0)
    nokogiri (1.7.0.1-x64-mingw32)
      mini_portile2 (~> 2.1.0)
    parslet (1.7.1)
      blankslate (>= 2.0, <= 4.0)
    public_suffix (2.0.5)
    rest-client (1.8.0-x64-mingw32)
      ffi (~> 1.9)
      http-cookie (>= 1.0.2, < 2.0)
      mime-types (>= 1.16, < 3.0)
      netrc (~> 0.7)
    rspec (3.4.0)
      rspec-core (~> 3.4.0)
      rspec-expectations (~> 3.4.0)
      rspec-mocks (~> 3.4.0)
    rspec-core (3.4.4)
      rspec-support (~> 3.4.0)
    rspec-expectations (3.4.0)
      diff-lcs (>= 1.2.0, < 2.0)
      rspec-support (~> 3.4.0)
    rspec-mocks (3.4.1)
      diff-lcs (>= 1.2.0, < 2.0)
      rspec-support (~> 3.4.0)
    rspec-support (3.4.1)
    rubyzip (1.2.1)
    selenium-cucumber (3.1.5)
      appium_lib (>= 8.0.2)
      chunky_png (>= 1.3.5)
      cucumber (>= 2.3.0)
      rspec (>= 3.4.0)
      selenium-webdriver (>= 2.53.0)
    selenium-webdriver (3.2.1)
      childprocess (~> 0.5)
      rubyzip (~> 1.0)
      websocket (~> 1.0)
    signed_multiset (0.2.1)
    thread_safe (0.3.6)
    tomlrb (1.2.3)
    tzinfo (1.2.2)
      thread_safe (~> 0.1)
    unf (0.1.4)
      unf_ext
    unf_ext (0.0.7.2-x64-mingw32)
    unitwise (2.0.0)
      liner (~> 0.2)
      memoizable (~> 0.4)
      parslet (~> 1.5)
      signed_multiset (~> 0.2)
    websocket (1.2.4)
    websocket-client-simple (0.3.0)
      event_emitter
      websocket

PLATFORMS
  x64-mingw32

DEPENDENCIES
  cassandra-driver (~> 3.1)
  colorize (~> 0.7.7)
  couchrest (~> 2.0)
  cucumber-rest-bdd (~> 0.4.4)
  rspec (= 3.4.0)
  rspec-expectations (= 3.4.0)
  selenium-cucumber (~> 3.1, >= 3.1.5)
  unitwise (~> 2.0)
  websocket-client-simple (~> 0.3.0)

RUBY VERSION
   ruby 2.2.6p396

BUNDLED WITH
   1.13.7
